GEM
  remote: http://rubygems.org/
  specs:
    coderay (1.1.2)
    haml (5.1.2)
      temple (>= 0.8.0)
      tilt
    method_source (0.9.2)
    mustermann (1.1.1)
      ruby2_keywords (~> 0.0.1)
    pry (0.12.2)
      coderay (~> 1.1.0)
      method_source (~> 0.9.0)
    rack (2.2.6.4)
    rack-flash3 (1.0.5)
      rack
    rack-protection (2.0.8.1)
      rack
    ruby2_keywords (0.0.2)
    sequel (5.29.0)
    sinatra (2.0.8.1)
      mustermann (~> 1.0)
      rack (~> 2.0)
      rack-protection (= 2.0.8.1)
      tilt (~> 2.0)
    sqlite3 (1.4.2)
    temple (0.8.2)
    tilt (2.0.10)

PLATFORMS
  ruby

DEPENDENCIES
  haml
  pry
  rack-flash3
  sequel
  sinatra
  sqlite3

BUNDLED WITH
   1.17.3
