GEM
  remote: http://rubygems.org/
  specs:
    haml (3.1.7)
    rack (1.5.1)
    rack-flash3 (1.0.5)
      rack
    rack-protection (1.3.2)
      rack
    sequel (3.43.0)
    sinatra (1.3.4)
      rack (~> 1.4)
      rack-protection (~> 1.3)
      tilt (~> 1.3, >= 1.3.3)
    sqlite3 (1.3.11)
    tilt (1.3.3)

PLATFORMS
  ruby

DEPENDENCIES
  haml
  rack-flash3
  sequel
  sinatra
  sqlite3

BUNDLED WITH
   1.11.2
