GEM
  remote: http://rubygems.org/
  specs:
    haml (5.0.1)
      temple (>= 0.8.0)
      tilt
    mustermann (1.0.0)
    rack (2.0.3)
    rack-flash3 (1.0.5)
      rack
    rack-protection (2.0.0)
      rack
    sequel (4.47.0)
    sinatra (2.0.0)
      mustermann (~> 1.0)
      rack (~> 2.0)
      rack-protection (= 2.0.0)
      tilt (~> 2.0)
    sqlite3 (1.3.13)
    temple (0.8.0)
    tilt (2.0.7)

PLATFORMS
  ruby

DEPENDENCIES
  haml
  rack-flash3
  sequel
  sinatra
  sqlite3

BUNDLED WITH
   1.15.1
