GEM
  remote: http://rubygems.org/
  specs:
    coderay (1.1.2)
    haml (5.1.2)
      temple (>= 0.8.0)
      tilt
    method_source (0.9.2)
    mustermann (2.0.2)
      ruby2_keywords (~> 0.0.1)
    pry (0.12.2)
      coderay (~> 1.1.0)
      method_source (~> 0.9.0)
    rack (2.2.4)
    rack-flash3 (1.0.5)
      rack
    rack-protection (2.2.3)
      rack
    ruby2_keywords (0.0.5)
    sequel (5.29.0)
    sinatra (2.2.3)
      mustermann (~> 2.0)
      rack (~> 2.2)
      rack-protection (= 2.2.3)
      tilt (~> 2.0)
    sqlite3 (1.4.2)
    temple (0.8.2)
    tilt (2.0.11)

PLATFORMS
  ruby

DEPENDENCIES
  haml
  pry
  rack-flash3
  sequel
  sinatra
  sqlite3

BUNDLED WITH
   1.17.3
